PATH
  remote: .
  specs:
    geocerts (1.0.0)
      libxml-ruby (~> 1.1.0)
      relax (~> 0.1.0)

GEM
  remote: http://rubygems.org/
  specs:
    factory_girl (1.3.3)
    fakeweb (1.3.0)
    libxml-ruby (1.1.4)
    mocha (0.9.10)
      rake
    nokogiri (1.3.3)
    rake (0.8.7)
    relax (0.1.3)
      relief (~> 0.0.4)
      rest-client (~> 0.9.2)
    relief (0.0.5)
      nokogiri (~> 1.3.3)
    rest-client (0.9.2)
    shoulda (2.11.3)
    vcr (1.5.0)

PLATFORMS
  ruby

DEPENDENCIES
  factory_girl (~> 1.3.0)
  fakeweb (~> 1.3.0)
  geocerts!
  libxml-ruby (~> 1.1.0)
  mocha (~> 0.9.0)
  relax (~> 0.1.0)
  shoulda (~> 2.11.0)
  vcr (~> 1.5.0)
